GEM
  remote: https://rubygems.org/
  specs:
    ffaker (2.19.0)
    sqlite3 (1.4.2)

PLATFORMS
  x86_64-linux

DEPENDENCIES
  ffaker
  sqlite3

BUNDLED WITH
   2.2.22
